NUGET
  remote: https://nuget.org/api/v2
  specs:
    MBrace.Azure.Client (0.6.4-alpha)
